NUGET
  remote: https://www.nuget.org/api/v2
    FSharp.Collections.ParallelSeq (1.0.2)
    FSharp.Formatting.CommandTool (2.14.4)
